GEM
  remote: https://rubygems.org/
  specs:
    evernote-thrift (1.25.2)
    evernote_oauth (0.2.3)
      evernote-thrift
      oauth (>= 0.4.1)
    mimemagic (0.3.0)
    mini_portile2 (2.0.0)
    nokogiri (1.6.7.1)
      mini_portile2 (~> 2.0.0.rc2)
    oauth (0.4.7)
    rack (1.6.4)
    rack-protection (1.5.3)
      rack
    sinatra (1.4.6)
      rack (~> 1.4)
      rack-protection (~> 1.4)
      tilt (>= 1.3, < 3)
    tilt (2.0.1)

PLATFORMS
  ruby

DEPENDENCIES
  evernote_oauth
  mimemagic
  nokogiri
  sinatra

BUNDLED WITH
   1.11.2
